GEM
  remote: https://rubygems.org/
  specs:
    actioncable (6.1.4.3)
      actionpack (= 6.1.4.3)
      activesupport (= 6.1.4.3)
      nio4r (~> 2.0)
      websocket-driver (>= 0.6.1)
    actionmailbox (6.1.4.3)
      actionpack (= 6.1.4.3)
      activejob (= 6.1.4.3)
      activerecord (= 6.1.4.3)
      activestorage (= 6.1.4.3)
      activesupport (= 6.1.4.3)
      mail (>= 2.7.1)
    actionmailer (6.1.4.3)
      actionpack (= 6.1.4.3)
      actionview (= 6.1.4.3)
      activejob (= 6.1.4.3)
      activesupport (= 6.1.4.3)
      mail (~> 2.5, >= 2.5.4)
      rails-dom-testing (~> 2.0)
    actionpack (6.1.4.3)
      actionview (= 6.1.4.3)
      activesupport (= 6.1.4.3)
      rack (~> 2.0, >= 2.0.9)
      rack-test (>= 0.6.3)
      rails-dom-testing (~> 2.0)
      rails-html-sanitizer (~> 1.0, >= 1.2.0)
    actiontext (6.1.4.3)
      actionpack (= 6.1.4.3)
      activerecord (= 6.1.4.3)
      activestorage (= 6.1.4.3)
      activesupport (= 6.1.4.3)
      nokogiri (>= 1.8.5)
    actionview (6.1.4.3)
      activesupport (= 6.1.4.3)
      builder (~> 3.1)
      erubi (~> 1.4)
      rails-dom-testing (~> 2.0)
      rails-html-sanitizer (~> 1.1, >= 1.2.0)
    activejob (6.1.4.3)
      activesupport (= 6.1.4.3)
      globalid (>= 0.3.6)
    activemodel (6.1.4.3)
      activesupport (= 6.1.4.3)
    activerecord (6.1.4.3)
      activemodel (= 6.1.4.3)
      activesupport (= 6.1.4.3)
    activestorage (6.1.4.3)
      actionpack (= 6.1.4.3)
      activejob (= 6.1.4.3)
      activerecord (= 6.1.4.3)
      activesupport (= 6.1.4.3)
      marcel (~> 1.0.0)
      mini_mime (>= 1.1.0)
    activesupport (6.1.4.3)
      concurrent-ruby (~> 1.0, >= 1.0.2)
      i18n (>= 1.6, < 2)
      minitest (>= 5.1)
      tzinfo (~> 2.0)
      zeitwerk (~> 2.3)
    autoprefixer-rails (10.2.0.0)
      execjs
    bindex (0.8.1)
    blocks (2.8.0)
      call_with_params (~> 0.0.2)
      hashie
      rails (>= 3.0.0)
    bootstrap-sass (3.4.1)
      autoprefixer-rails (>= 5.2.1)
      sassc (>= 2.0.0)
    builder (3.2.4)
    byebug (11.1.3)
    call_with_params (0.0.2)
      activesupport (>= 3.0.0)
    coffee-rails (5.0.0)
      coffee-script (>= 2.2.0)
      railties (>= 5.2.0)
    coffee-script (2.4.1)
      coffee-script-source
      execjs
    coffee-script-source (1.12.2)
    concurrent-ruby (1.1.9)
    crass (1.0.6)
    erubi (1.10.0)
    execjs (2.7.0)
    ffi (1.14.2)
    globalid (1.0.0)
      activesupport (>= 5.0)
    hashie (4.1.0)
    i18n (1.8.11)
      concurrent-ruby (~> 1.0)
    jquery-rails (4.4.0)
      rails-dom-testing (>= 1, < 3)
      railties (>= 4.2.0)
      thor (>= 0.14, < 2.0)
    listen (3.4.0)
      rb-fsevent (~> 0.10, >= 0.10.3)
      rb-inotify (~> 0.9, >= 0.9.10)
    loofah (2.13.0)
      crass (~> 1.0.2)
      nokogiri (>= 1.5.9)
    mail (2.7.1)
      mini_mime (>= 0.1.1)
    marcel (1.0.2)
    method_source (1.0.0)
    mini_mime (1.1.2)
    mini_portile2 (2.6.1)
    minitest (5.15.0)
    momentjs-rails (2.20.1)
      railties (>= 3.1)
    nio4r (2.5.8)
    nokogiri (1.12.5)
      mini_portile2 (~> 2.6.1)
      racc (~> 1.4)
    pg (1.2.3)
    puma (5.1.1)
      nio4r (~> 2.0)
    racc (1.6.0)
    rack (2.2.3)
    rack-test (1.1.0)
      rack (>= 1.0, < 3)
    rails (6.1.4.3)
      actioncable (= 6.1.4.3)
      actionmailbox (= 6.1.4.3)
      actionmailer (= 6.1.4.3)
      actionpack (= 6.1.4.3)
      actiontext (= 6.1.4.3)
      actionview (= 6.1.4.3)
      activejob (= 6.1.4.3)
      activemodel (= 6.1.4.3)
      activerecord (= 6.1.4.3)
      activestorage (= 6.1.4.3)
      activesupport (= 6.1.4.3)
      bundler (>= 1.15.0)
      railties (= 6.1.4.3)
      sprockets-rails (>= 2.0.0)
    rails-dom-testing (2.0.3)
      activesupport (>= 4.2.0)
      nokogiri (>= 1.6)
    rails-html-sanitizer (1.4.2)
      loofah (~> 2.3)
    railties (6.1.4.3)
      actionpack (= 6.1.4.3)
      activesupport (= 6.1.4.3)
      method_source
      rake (>= 0.13)
      thor (~> 1.0)
    rake (13.0.6)
    rb-fsevent (0.10.4)
    rb-inotify (0.10.1)
      ffi (~> 1.0)
    sass-rails (6.0.0)
      sassc-rails (~> 2.1, >= 2.1.1)
    sassc (2.4.0)
      ffi (~> 1.9)
    sassc-rails (2.1.2)
      railties (>= 4.0.0)
      sassc (>= 2.0)
      sprockets (> 3.0)
      sprockets-rails
      tilt
    simple_form (5.0.3)
      actionpack (>= 5.0)
      activemodel (>= 5.0)
    sprockets (4.0.2)
      concurrent-ruby (~> 1.0)
      rack (> 1, < 3)
    sprockets-rails (3.4.2)
      actionpack (>= 5.2)
      activesupport (>= 5.2)
      sprockets (>= 3.0.0)
    table-for (3.7.0)
      rails (>= 3.0.0)
      with_template (~> 0.2.0)
    thor (1.1.0)
    tilt (2.0.10)
    time_difference (0.5.0)
      activesupport
    turbolinks (5.2.1)
      turbolinks-source (~> 5.2)
    turbolinks-source (5.2.0)
    tzinfo (2.0.4)
      concurrent-ruby (~> 1.0)
    tzinfo-data (1.2020.6)
      tzinfo (>= 1.0.0)
    uglifier (4.2.0)
      execjs (>= 0.3.0, < 3)
    web-console (4.1.0)
      actionview (>= 6.0.0)
      activemodel (>= 6.0.0)
      bindex (>= 0.4.0)
      railties (>= 6.0.0)
    websocket-driver (0.7.5)
      websocket-extensions (>= 0.1.0)
    websocket-extensions (0.1.5)
    with_template (0.2.0)
      blocks (~> 2.8.0)
      rails (>= 3.0.0)
    zeitwerk (2.5.1)

PLATFORMS
  ruby

DEPENDENCIES
  bootstrap-sass
  byebug
  coffee-rails
  jquery-rails
  listen
  momentjs-rails
  pg
  puma
  rails (= 6.1.4.3)
  sass-rails
  simple_form
  table-for
  time_difference
  turbolinks
  tzinfo-data
  uglifier
  web-console

RUBY VERSION
   ruby 2.7.2p137

BUNDLED WITH
   2.2.4
